GEM
  remote: https://rubygems.org/
  specs:
    nio4r (2.5.8)
    puma (5.5.2)
      nio4r (~> 2.0)
    rake (13.0.6)

PLATFORMS
  x86_64-darwin-19

DEPENDENCIES
  puma
  rake

BUNDLED WITH
   2.2.32
